GEM
  remote: https://rubygems.org/
  specs:
    bigdecimal (3.2.2)
    coderay (1.1.3)
    csv (3.3.5)
    httparty (0.23.1)
      csv
      mini_mime (>= 1.0.0)
      multi_xml (>= 0.5.2)
    method_source (1.0.0)
    mini_mime (1.1.5)
    multi_xml (0.7.2)
      bigdecimal (~> 3.1)
    nokogiri (1.18.9-arm64-darwin)
      racc (~> 1.4)
    nokogiri (1.18.9-x86_64-linux-gnu)
      racc (~> 1.4)
    pry (0.14.1)
      coderay (~> 1.1)
      method_source (~> 1.0)
    racc (1.8.1)

PLATFORMS
  arm64-darwin-21
  arm64-darwin-24
  x86_64-linux

DEPENDENCIES
  httparty
  nokogiri
  pry

BUNDLED WITH
   2.6.9
